GEM
  remote: https://rubygems.org/
  specs:
    activesupport (5.1.0)
      concurrent-ruby (~> 1.0, >= 1.0.2)
      i18n (~> 0.7)
      minitest (~> 5.1)
      tzinfo (~> 1.1)
    aws-sdk (2.10.42)
      aws-sdk-resources (= 2.10.42)
    aws-sdk-core (2.10.42)
      aws-sigv4 (~> 1.0)
      jmespath (~> 1.0)
    aws-sdk-resources (2.10.42)
      aws-sdk-core (= 2.10.42)
    aws-sigv4 (1.0.2)
    byebug (9.0.6)
    coderay (1.1.1)
    concurrent-ruby (1.0.5)
    diff-lcs (1.3)
    i18n (0.8.1)
    jmespath (1.3.1)
    method_source (0.8.2)
    mini_portile2 (2.1.0)
    minitest (5.8.5)
    nokogiri (1.7.1)
      mini_portile2 (~> 2.1.0)
    pry (0.10.4)
      coderay (~> 1.1.0)
      method_source (~> 0.8.1)
      slop (~> 3.4)
    pry-byebug (3.4.2)
      byebug (~> 9.0)
      pry (~> 0.10)
    rake (12.0.0)
    rspec (3.5.0)
      rspec-core (~> 3.5.0)
      rspec-expectations (~> 3.5.0)
      rspec-mocks (~> 3.5.0)
    rspec-core (3.5.4)
      rspec-support (~> 3.5.0)
    rspec-expectations (3.5.0)
      diff-lcs (>= 1.2.0, < 2.0)
      rspec-support (~> 3.5.0)
    rspec-mocks (3.5.0)
      diff-lcs (>= 1.2.0, < 2.0)
      rspec-support (~> 3.5.0)
    rspec-support (3.5.0)
    slop (3.6.0)
    thread_safe (0.3.6)
    tzinfo (1.2.3)
      thread_safe (~> 0.1)

PLATFORMS
  ruby

DEPENDENCIES
  activesupport (~> 5.1.0)
  aws-sdk
  nokogiri
  pry-byebug
  rake
  rspec

BUNDLED WITH
   1.14.6
